PATH
  remote: .
  specs:
    moleculer (0.4.0)
      async

GEM
  remote: https://rubygems.org/
  specs:
    async (1.24.1)
      console (~> 1.0)
      nio4r (~> 2.3)
      timers (~> 4.1)
    console (1.7.2)
    diff-lcs (1.3)
    docile (1.3.2)
    hiredis (0.6.3)
    json (2.2.0)
    nio4r (2.5.2)
    redis (4.1.3)
    rspec-core (3.9.1)
      rspec-support (~> 3.9.1)
    rspec-expectations (3.9.0)
      diff-lcs (>= 1.2.0, < 2.0)
      rspec-support (~> 3.9.0)
    rspec-mocks (3.9.1)
      diff-lcs (>= 1.2.0, < 2.0)
      rspec-support (~> 3.9.0)
    rspec-support (3.9.2)
    simplecov (0.17.1)
      docile (~> 1.1)
      json (>= 1.8, < 3)
      simplecov-html (~> 0.10.0)
    simplecov-html (0.10.2)
    timecop (0.9.1)
    timers (4.3.0)

PLATFORMS
  ruby

DEPENDENCIES
  hiredis
  moleculer!
  redis
  rspec-core
  rspec-expectations
  rspec-mocks
  simplecov
  timecop

BUNDLED WITH
   1.17.3
